GEM
  remote: https://rubygems.org/
  specs:
    byebug (5.0.0)
      columnize (= 0.9.0)
    coffee-script (2.4.1)
      coffee-script-source
      execjs
    coffee-script-source (1.9.1.1)
    columnize (0.9.0)
    execjs (2.5.2)
    haml (4.0.6)
      tilt
    rack (1.6.1)
    rake (10.4.2)
    sass (3.4.14)
    sprockets (3.2.0)
      rack (~> 1.0)
    tilt (1.4.1)

PLATFORMS
  ruby

DEPENDENCIES
  byebug
  coffee-script
  haml
  rack
  rake
  sass
  sprockets

BUNDLED WITH
   1.10.3
